GEM
  remote: https://rubygems.org/
  specs:
    danabr75-opengl (0.10.0)
    gosu (0.13.3)
    ocra (1.3.10)

PLATFORMS
  ruby

DEPENDENCIES
  danabr75-opengl
  gosu
  ocra

BUNDLED WITH
   1.16.2
