GEM
  remote: https://rubygems.org/
  specs:
    gosu (0.13.3)
    ocra (1.3.10)

PLATFORMS
  ruby

DEPENDENCIES
  gosu
  ocra

RUBY VERSION
   ruby 2.4.4p296

BUNDLED WITH
   1.16.2
